GEM
  remote: https://rubygems.org/
  specs:
    activemodel (5.2.2)
      activesupport (= 5.2.2)
    activerecord (5.2.2)
      activemodel (= 5.2.2)
      activesupport (= 5.2.2)
      arel (>= 9.0)
    activesupport (5.2.2)
      concurrent-ruby (~> 1.0, >= 1.0.2)
      i18n (>= 0.7, < 2)
      minitest (~> 5.1)
      tzinfo (~> 1.1)
    arel (9.0.0)
    concurrent-ruby (1.1.4)
    cuba (3.9.2)
      rack (>= 1.6.0)
    dalli (2.7.9)
    foreman (0.85.0)
      thor (~> 0.19.1)
    i18n (1.5.3)
      concurrent-ruby (~> 1.0)
    minitest (5.11.3)
    oj (3.7.9)
    oj_mimic_json (1.0.1)
    pg (0.21.0)
    puma (3.12.0)
    rack (2.0.6)
    rack-cache (1.9.0)
      rack (>= 0.4)
    rack-ssl (1.4.1)
      rack
    rake (12.3.2)
    rubyzip (1.3.0)
    thor (0.19.4)
    thread_safe (0.3.6)
    tzinfo (1.2.5)
      thread_safe (~> 0.1)

PLATFORMS
  ruby

DEPENDENCIES
  activerecord
  cuba
  dalli
  foreman
  oj
  oj_mimic_json
  pg (~> 0.18)
  puma
  rack
  rack-cache
  rack-ssl
  rake
  rubyzip (>= 1.1.0)

RUBY VERSION
   ruby 2.5.3p105

BUNDLED WITH
   1.16.6
